GEM
  remote: https://rubygems.org/
  specs:
    language_server-protocol (3.17.0.3)
    prism (0.18.0)
    ruby-lsp (0.13.0)
      language_server-protocol (~> 3.17.0)
      prism (>= 0.18.0, < 0.19)
      sorbet-runtime (>= 0.5.5685)
    sorbet-runtime (0.5.11144)

PLATFORMS
  x86_64-linux

DEPENDENCIES
  ruby-lsp

BUNDLED WITH
   2.4.10
